GEM
  remote: http://rubygems.org/
  specs:
    builder (3.0.0)
    json (1.6.1)
    jwt (0.1.3)
      json (>= 1.2.4)
    multi_json (1.0.3)
    rack (1.3.3)
    sinatra (1.2.6)
      rack (~> 1.1)
      tilt (< 2.0, >= 1.2.2)
    tilt (1.3.3)
    twilio-ruby (3.4.0)
      builder (>= 2.1.2)
      jwt (>= 0.1.2)
      multi_json (>= 1.0.3)

PLATFORMS
  ruby

DEPENDENCIES
  sinatra
  twilio-ruby
